GEM
  remote: https://rubygems.org/
  specs:
    addressable (2.3.6)
    celluloid (0.15.2)
      timers (~> 1.1.0)
    coderay (1.1.0)
    em-websocket (0.5.0)
      eventmachine (>= 0.12.9)
      http_parser.rb (~> 0.5.3)
    eventmachine (1.0.3)
    ffi (1.9.3)
    formatador (0.2.4)
    guard (2.2.4)
      formatador (>= 0.2.4)
      listen (~> 2.1)
      lumberjack (~> 1.0)
      pry (>= 0.9.12)
      thor (>= 0.18.1)
    guard-livereload (2.0.0)
      em-websocket (~> 0.5)
      guard (~> 2.0)
      multi_json (~> 1.8)
    heel (3.1.3)
      coderay (~> 1.1)
      launchy (~> 2.3)
      mime-types (~> 1.25)
      puma (~> 2.0)
    http_parser.rb (0.5.3)
    launchy (2.4.2)
      addressable (~> 2.3)
    listen (2.2.0)
      celluloid (>= 0.15.2)
      rb-fsevent (>= 0.9.3)
      rb-inotify (>= 0.9)
    lumberjack (1.0.4)
    method_source (0.8.2)
    mime-types (1.25.1)
    multi_json (1.8.2)
    pry (0.9.12.3)
      coderay (~> 1.0)
      method_source (~> 0.8)
      slop (~> 3.4)
    puma (2.9.1)
      rack (>= 1.1, < 2.0)
    rack (1.5.2)
    rb-fsevent (0.9.3)
    rb-inotify (0.9.2)
      ffi (>= 0.5.0)
    slop (3.4.7)
    thor (0.18.1)
    timers (1.1.0)

PLATFORMS
  ruby

DEPENDENCIES
  guard
  guard-livereload
  heel (>= 3.1.3)
